PATH
  remote: .
  specs:
    omniauth-origo (1.0.0.rc3)
      multi_json
      oauth
      omniauth (~> 1.0.0.rc2)
      omniauth-oauth (~> 1.0.0.rc2)

GEM
  remote: http://rubygems.org/
  specs:
    hashie (1.2.0)
    multi_json (1.0.3)
    oauth (0.4.5)
    omniauth (1.0.0)
      hashie (~> 1.2)
      rack
    omniauth-oauth (1.0.0)
      oauth
      omniauth (~> 1.0)
    rack (1.3.5)
    simplecov (0.5.4)
      multi_json (~> 1.0.3)
      simplecov-html (~> 0.5.3)
    simplecov-html (0.5.3)

PLATFORMS
  ruby

DEPENDENCIES
  omniauth-origo!
  simplecov
